GEM
  remote: https://rubygems.org/
  specs:
    browser (0.4.1)
    faraday (0.9.0)
      multipart-post (>= 1.2, < 3)
    faraday_middleware (0.9.1)
      faraday (>= 0.7.4, < 0.10)
    hashie (2.0.5)
    i18n (0.6.9)
    instagram (1.1.3)
      faraday (>= 0.7, < 0.10)
      faraday_middleware (>= 0.8, < 0.10)
      hashie (>= 0.4.0)
      multi_json (~> 1.0, >= 1.0.3)
    mail (2.4.4)
      i18n (>= 0.4.0)
      mime-types (~> 1.16)
      treetop (~> 1.4.8)
    mime-types (1.25.1)
    multi_json (1.8.4)
    multipart-post (2.0.0)
    polyglot (0.3.3)
    pony (1.4)
      mail (> 2.0)
    rack (1.4.1)
    rack-protection (1.2.0)
      rack
    sinatra (1.3.2)
      rack (~> 1.3, >= 1.3.6)
      rack-protection (~> 1.2)
      tilt (~> 1.3, >= 1.3.3)
    sinatra-flash (0.3.0)
      sinatra (>= 1.0.0)
    tilt (1.3.3)
    treetop (1.4.10)
      polyglot
      polyglot (>= 0.3.1)

PLATFORMS
  ruby

DEPENDENCIES
  browser
  instagram
  pony
  sinatra
  sinatra-flash
